GIT
  remote: git://github.com/chef/chef-server.git
  revision: 88a33630aaeae21a63b4a8111fd0a196438520c0
  specs:
    oc-chef-pedant (2.2.0)
      activesupport (~> 3.2)
      erubis (~> 2.7)
      mixlib-authentication (~> 1.3)
      mixlib-config (~> 2.0)
      mixlib-shellout (>= 1.1)
      net-http-spy (~> 0.2)
      rest-client (>= 1.6)
      rspec (~> 3.2)
      rspec-rerun (~> 1.0)
      rspec_junit_formatter (~> 0.2)

GIT
  remote: git://github.com/chef/cheffish.git
  revision: 614d15ddc31b759319696aeab0f4ef50a101ebc2
  specs:
    cheffish (2.0.3)
      chef-zero (~> 4.3)
      compat_resource

GIT
  remote: git://github.com/customink/fauxhai.git
  revision: a616c6aa9e2e7e6d9825a579a00b8d6e15484205
  specs:
    fauxhai (3.2.0)
      net-ssh

GIT
  remote: git://github.com/poise/poise-boiler.git
  revision: 0714455eba947bde2a9d49b72db1bc3ad1034ee4
  specs:
    poise-boiler (1.7.2)
      bundler
      chefspec (~> 4.2)
      codeclimate-test-reporter (~> 0.4)
      codecov (~> 0.0, >= 0.0.2)
      foodcritic (~> 6.0)
      fuubar (~> 2.0)
      git (~> 1.2)
      halite (~> 1.2)
      kitchen-docker
      kitchen-sync (~> 2.1)
      kitchen-vagrant
      mixlib-shellout (>= 1.4, < 3.0)
      poise-profiler (~> 1.0)
      pry
      pry-byebug
      rake (>= 10.4, < 12.0)
      rspec (~> 3.2)
      rspec-its (~> 1.2)
      simplecov (~> 0.9)
      test-kitchen (~> 1.7, >= 1.7.1)
      travis (~> 1.8, >= 1.8.1)
      vagrant-wrapper
      yard (~> 0.8)
      yard-classmethods (~> 1.0)

GIT
  remote: git://github.com/poise/poise.git
  revision: a76980685a92283c08f5b2e4526ae1f08f87de79
  specs:
    poise (2.6.2.pre)
      halite (~> 1.0)

GIT
  remote: https://github.com/chef/chefstyle.git
  revision: cc37808b7849fdcf49f04011626143940f83fe92
  branch: master
  specs:
    chefstyle (0.3.1)
      rubocop (= 0.39.0)

GIT
  remote: https://github.com/rubysec/bundler-audit.git
  revision: 4e32fca89d75f0e249671431ff38aadc02bfb28b
  ref: 4e32fca
  specs:
    bundler-audit (0.4.0)
      bundler (~> 1.2)
      thor (~> 0.18)

PATH
  remote: .
  specs:
    chef (12.10.1)
      bundler (>= 1.10)
      chef-config (= 12.10.1)
      chef-zero (~> 4.5)
      diff-lcs (~> 1.2, >= 1.2.4)
      erubis (~> 2.7)
      ffi-yajl (~> 2.2)
      highline (~> 1.6, >= 1.6.9)
      mixlib-authentication (~> 1.4)
      mixlib-cli (~> 1.4)
      mixlib-log (~> 1.3)
      mixlib-shellout (~> 2.0)
      net-sftp (~> 2.1, >= 2.1.2)
      net-ssh (>= 2.9, < 4.0)
      net-ssh-multi (~> 1.1)
      ohai (>= 8.6.0.alpha.1, < 9)
      plist (~> 3.2)
      proxifier (~> 1.0)
      rspec-core (~> 3.4)
      rspec-expectations (~> 3.4)
      rspec-mocks (~> 3.4)
      rspec_junit_formatter (~> 0.2.0)
      serverspec (~> 2.7)
      specinfra (~> 2.10)
      syslog-logger (~> 1.6)
      uuidtools (~> 2.1.5)

PATH
  remote: chef-config
  specs:
    chef-config (12.10.1)
      fuzzyurl (~> 0.8.0)
      mixlib-config (~> 2.0)
      mixlib-shellout (~> 2.0)

GEM
  remote: https://rubygems.org/
  specs:
    activesupport (3.2.22.2)
      i18n (~> 0.6, >= 0.6.4)
      multi_json (~> 1.0)
    addressable (2.4.0)
    appbundler (0.9.0)
      mixlib-cli (~> 1.4)
    artifactory (2.3.2)
    ast (2.2.0)
    aws-sdk (2.2.34)
      aws-sdk-resources (= 2.2.34)
    aws-sdk-core (2.2.34)
      jmespath (~> 1.0)
    aws-sdk-resources (2.2.34)
      aws-sdk-core (= 2.2.34)
    aws-sdk-v1 (1.66.0)
      json (~> 1.4)
      nokogiri (>= 1.4.4)
    backports (3.6.8)
    binding_of_caller (0.7.2)
      debug_inspector (>= 0.0.1)
    builder (3.2.2)
    byebug (8.2.4)
    chef-api (0.5.0)
      logify (~> 0.1)
      mime-types
    chef-provisioning (1.7.0)
      cheffish (>= 1.3.1, < 3.0)
      inifile (>= 2.0.2)
      mixlib-install (~> 1.0)
      net-scp (~> 1.0)
      net-ssh (>= 2.9, < 4.0)
      net-ssh-gateway (~> 1.2.0)
      winrm (~> 1.3)
    chef-provisioning-aws (1.9.0)
      aws-sdk (>= 2.1.26, < 3.0)
      aws-sdk-v1 (>= 1.59.0)
      chef-provisioning (~> 1.4)
      retryable (~> 2.0, >= 2.0.1)
      ubuntu_ami (~> 0.4, >= 0.4.1)
    chef-rewind (0.0.9)
    chef-sugar (3.3.0)
    chef-zero (4.5.0)
      ffi-yajl (~> 2.2)
      hashie (>= 2.0, < 4.0)
      mixlib-log (~> 1.3)
      rack
      uuidtools (~> 2.1)
    chefspec (4.6.1)
      chef (>= 11.14)
      fauxhai (~> 3.2)
      rspec (~> 3.0)
    childprocess (0.5.9)
      ffi (~> 1.0, >= 1.0.11)
    codeclimate-test-reporter (0.5.0)
      simplecov (>= 0.7.1, < 1.0.0)
    codecov (0.1.4)
      json
      simplecov
      url
    coderay (1.1.1)
    colorize (0.7.7)
    compat_resource (12.9.1)
    cucumber-core (1.4.0)
      gherkin (~> 3.2.0)
    debug_inspector (0.0.2)
    descendants_tracker (0.0.4)
      thread_safe (~> 0.3, >= 0.3.1)
    diff-lcs (1.2.5)
    docile (1.1.5)
    domain_name (0.5.20160310)
      unf (>= 0.0.5, < 1.0.0)
    erubis (2.7.0)
    ethon (0.8.1)
      ffi (>= 1.3.0)
    faraday (0.9.2)
      multipart-post (>= 1.2, < 3)
    faraday_middleware (0.10.0)
      faraday (>= 0.7.4, < 0.10)
    ffi (1.9.10)
    ffi-yajl (2.2.3)
      libyajl2 (~> 1.2)
    foodcritic (6.1.1)
      cucumber-core (>= 1.3)
      erubis
      nokogiri (>= 1.5, < 2.0)
      rake
      rufus-lru (~> 1.0)
      treetop (~> 1.4)
      yajl-ruby (~> 1.1)
    fuubar (2.0.0)
      rspec (~> 3.0)
      ruby-progressbar (~> 1.4)
    fuzzyurl (0.8.0)
    gh (0.14.0)
      addressable
      backports
      faraday (~> 0.8)
      multi_json (~> 1.0)
      net-http-persistent (>= 2.7)
      net-http-pipeline
    gherkin (3.2.0)
    git (1.3.0)
    github_api (0.13.1)
      addressable (~> 2.4.0)
      descendants_tracker (~> 0.0.4)
      faraday (~> 0.8, < 0.10)
      hashie (>= 3.4)
      multi_json (>= 1.7.5, < 2.0)
      oauth2
    github_changelog_generator (1.11.3)
      bundler (>= 1.7)
      colorize (~> 0.7)
      github_api (~> 0.12)
      overcommit (>= 0.31)
      rake (>= 10.0)
      rspec (>= 3.2)
      rubocop (>= 0.31)
    gssapi (1.2.0)
      ffi (>= 1.0.1)
    gyoku (1.3.1)
      builder (>= 2.1.2)
    halite (1.2.1)
      bundler
      chef (~> 12.0)
      stove (~> 3.2, >= 3.2.3)
      thor
    hashie (3.4.3)
    highline (1.7.8)
    http-cookie (1.0.2)
      domain_name (~> 0.5)
    httpclient (2.7.1)
    i18n (0.7.0)
    inifile (3.0.0)
    iniparse (1.4.2)
    ipaddress (0.8.3)
    jmespath (1.2.4)
      json_pure (>= 1.8.1)
    json (1.8.3)
    json_pure (1.8.3)
    jwt (1.5.1)
    kitchen-docker (2.3.0)
      test-kitchen (>= 1.0.0)
    kitchen-sync (2.1.1)
      net-sftp
      test-kitchen (>= 1.0.0)
    kitchen-vagrant (0.20.0)
      test-kitchen (~> 1.4)
    knife-windows (1.4.0)
      winrm (~> 1.7)
    launchy (2.4.3)
      addressable (~> 2.3)
    libyajl2 (1.2.0)
    little-plugger (1.1.4)
    logging (2.1.0)
      little-plugger (~> 1.1)
      multi_json (~> 1.10)
    logify (0.2.0)
    method_source (0.8.2)
    mime-types (2.99.1)
    mini_portile2 (2.0.0)
    mixlib-authentication (1.4.0)
      mixlib-log
      rspec-core (~> 3.2)
      rspec-expectations (~> 3.2)
      rspec-mocks (~> 3.2)
    mixlib-cli (1.5.0)
    mixlib-config (2.2.1)
    mixlib-install (1.0.6)
      artifactory (>= 2.3.0)
      mixlib-shellout (>= 2.2.6)
      mixlib-versioning (>= 1.1.0)
    mixlib-log (1.6.0)
    mixlib-shellout (2.2.6)
    mixlib-versioning (1.1.0)
    multi_json (1.11.2)
    multi_xml (0.5.5)
    multipart-post (2.0.0)
    net-http-persistent (2.9.4)
    net-http-pipeline (1.0.1)
    net-http-spy (0.2.1)
    net-scp (1.2.1)
      net-ssh (>= 2.6.5)
    net-sftp (2.1.2)
      net-ssh (>= 2.6.5)
    net-ssh (3.1.1)
    net-ssh-gateway (1.2.0)
      net-ssh (>= 2.6.5)
    net-ssh-multi (1.2.1)
      net-ssh (>= 2.6.5)
      net-ssh-gateway (>= 1.2.0)
    net-telnet (0.1.1)
    netrc (0.11.0)
    nokogiri (1.6.7.2)
      mini_portile2 (~> 2.0.0.rc2)
    nori (2.6.0)
    oauth2 (1.1.0)
      faraday (>= 0.8, < 0.10)
      jwt (~> 1.0, < 1.5.2)
      multi_json (~> 1.3)
      multi_xml (~> 0.5)
      rack (>= 1.2, < 3)
    octokit (4.3.0)
      sawyer (~> 0.7.0, >= 0.5.3)
    ohai (8.14.0)
      chef-config (>= 12.5.0.alpha.1, < 13)
      ffi (~> 1.9)
      ffi-yajl (~> 2.2)
      ipaddress
      mixlib-cli
      mixlib-config (~> 2.0)
      mixlib-log
      mixlib-shellout (~> 2.0)
      plist (~> 3.1)
      systemu (~> 2.6.4)
      wmi-lite (~> 1.0)
    overcommit (0.33.0)
      childprocess (~> 0.5.8)
      iniparse (~> 1.4)
    parser (2.3.0.7)
      ast (~> 2.2)
    plist (3.2.0)
    poise-profiler (1.0.0)
      halite (~> 1.0)
    polyglot (0.3.5)
    powerpack (0.1.1)
    proxifier (1.0.3)
    pry (0.10.3)
      coderay (~> 1.1.0)
      method_source (~> 0.8.1)
      slop (~> 3.4)
    pry-byebug (3.3.0)
      byebug (~> 8.0)
      pry (~> 0.10)
    pry-remote (0.1.8)
      pry (~> 0.9)
      slop (~> 3.0)
    pry-stack_explorer (0.4.9.2)
      binding_of_caller (>= 0.7)
      pry (>= 0.9.11)
    pusher-client (0.6.2)
      json
      websocket (~> 1.0)
    rack (1.6.4)
    rainbow (2.1.0)
    rake (11.1.2)
    rb-readline (0.5.3)
    rest-client (1.8.0)
      http-cookie (>= 1.0.2, < 2.0)
      mime-types (>= 1.16, < 3.0)
      netrc (~> 0.7)
    retryable (2.0.3)
    rspec (3.4.0)
      rspec-core (~> 3.4.0)
      rspec-expectations (~> 3.4.0)
      rspec-mocks (~> 3.4.0)
    rspec-core (3.4.4)
      rspec-support (~> 3.4.0)
    rspec-expectations (3.4.0)
      diff-lcs (>= 1.2.0, < 2.0)
      rspec-support (~> 3.4.0)
    rspec-its (1.2.0)
      rspec-core (>= 3.0.0)
      rspec-expectations (>= 3.0.0)
    rspec-mocks (3.4.1)
      diff-lcs (>= 1.2.0, < 2.0)
      rspec-support (~> 3.4.0)
    rspec-rerun (1.1.0)
      rspec (~> 3.0)
    rspec-support (3.4.1)
    rspec_junit_formatter (0.2.3)
      builder (< 4)
      rspec-core (>= 2, < 4, != 2.12.0)
    rubocop (0.39.0)
      parser (>= 2.3.0.7, < 3.0)
      powerpack (~> 0.1)
      rainbow (>= 1.99.1, < 3.0)
      ruby-progressbar (~> 1.7)
      unicode-display_width (~> 1.0, >= 1.0.1)
    ruby-prof (0.15.9)
    ruby-progressbar (1.7.5)
    ruby-shadow (2.5.0)
    rubyntlm (0.6.0)
    rufus-lru (1.0.5)
    safe_yaml (1.0.4)
    sawyer (0.7.0)
      addressable (>= 2.3.5, < 2.5)
      faraday (~> 0.8, < 0.10)
    serverspec (2.31.1)
      multi_json
      rspec (~> 3.0)
      rspec-its
      specinfra (~> 2.53)
    sfl (2.2)
    simplecov (0.11.2)
      docile (~> 1.1.0)
      json (~> 1.8)
      simplecov-html (~> 0.10.0)
    simplecov-html (0.10.0)
    slop (3.6.0)
    specinfra (2.56.1)
      net-scp
      net-ssh (>= 2.7, < 4.0)
      net-telnet
      sfl
    stove (3.2.8)
      chef-api (~> 0.5)
      logify (~> 0.2)
    syslog-logger (1.6.8)
    systemu (2.6.5)
    test-kitchen (1.7.3)
      mixlib-install (~> 1.0, >= 1.0.4)
      mixlib-shellout (>= 1.2, < 3.0)
      net-scp (~> 1.1)
      net-ssh (>= 2.9, < 4.0)
      safe_yaml (~> 1.0)
      thor (~> 0.18)
    thor (0.19.1)
    thread_safe (0.3.5)
    tomlrb (1.2.1)
    travis (1.8.2)
      backports
      faraday (~> 0.9)
      faraday_middleware (~> 0.9, >= 0.9.1)
      gh (~> 0.13)
      highline (~> 1.6)
      launchy (~> 2.1)
      pusher-client (~> 0.4)
      typhoeus (~> 0.6, >= 0.6.8)
    treetop (1.6.5)
      polyglot (~> 0.3)
    typhoeus (0.8.0)
      ethon (>= 0.8.0)
    ubuntu_ami (0.4.1)
    unf (0.1.4)
      unf_ext
    unf_ext (0.0.7.2)
    unicode-display_width (1.0.3)
    url (0.3.2)
    uuidtools (2.1.5)
    vagrant-wrapper (2.0.3)
    websocket (1.2.3)
    winrm (1.7.3)
      builder (>= 2.1.2)
      gssapi (~> 1.2)
      gyoku (~> 1.0)
      httpclient (~> 2.2, >= 2.2.0.2)
      logging (>= 1.6.1, < 3.0)
      nori (~> 2.0)
      rubyntlm (~> 0.6.0)
    wmi-lite (1.0.0)
    yajl-ruby (1.2.1)
    yard (0.8.7.6)
    yard-classmethods (1.0.0)
      yard

PLATFORMS
  ruby

DEPENDENCIES
  activesupport (< 4.0.0)
  appbundler
  bundler
  bundler-audit!
  chef!
  chef-config!
  chef-provisioning
  chef-provisioning-aws
  chef-rewind
  chef-sugar
  cheffish!
  chefspec
  chefstyle!
  fauxhai!
  foodcritic
  github_changelog_generator (= 1.11.3)
  halite
  knife-windows
  netrc
  nokogiri
  oc-chef-pedant!
  octokit
  poise!
  poise-boiler!
  pry
  pry-byebug
  pry-remote
  pry-stack_explorer
  rack
  rake
  rb-readline
  ruby-prof
  ruby-shadow
  simplecov
  tomlrb
  yard

BUNDLED WITH
   1.11.2
