GEM
  remote: https://rubygems.org/
  specs:
    ffi (1.9.10)
    ffi-yajl (1.4.0)
      ffi (~> 1.5)
      libyajl2 (~> 1.2)
    libyajl2 (1.2.0)

PLATFORMS
  ruby

DEPENDENCIES
  ffi-yajl (~> 1.1)

BUNDLED WITH
   1.11.2
